GEM
  remote: https://rubygems.org/
  specs:
    benchmark (0.4.0)
    language_server-protocol (3.17.0.4)
    logger (1.6.6)
    mini_exiftool (2.14.0)
      ostruct (>= 0.6.0)
      pstore (>= 0.1.3)
    mini_magick (5.2.0)
      benchmark
      logger
    mini_portile2 (2.8.8)
    ostruct (0.6.1)
    prism (1.3.0)
    pstore (0.1.4)
    rbs (3.8.1)
      logger
    ruby-lsp (0.23.11)
      language_server-protocol (~> 3.17.0)
      prism (>= 1.2, < 2.0)
      rbs (>= 3, < 4)
      sorbet-runtime (>= 0.5.10782)
    sorbet-runtime (0.5.11875)
    sqlite3 (2.6.0)
      mini_portile2 (~> 2.8.0)
    sqlite3 (2.6.0-arm64-darwin)

PLATFORMS
  arm64-darwin-24
  ruby

DEPENDENCIES
  mini_exiftool (~> 2.14)
  mini_magick (~> 5.2)
  ruby-lsp
  sqlite3 (~> 2.6)

BUNDLED WITH
   2.5.18
